GEM
  remote: http://rubygems.org/
  specs:
    activemodel (3.0.3)
      activesupport (= 3.0.3)
      builder (~> 2.1.2)
      i18n (~> 0.4)
    activerecord (3.0.3)
      activemodel (= 3.0.3)
      activesupport (= 3.0.3)
      arel (~> 2.0.2)
      tzinfo (~> 0.3.23)
    activesupport (3.0.3)
    arel (2.0.6)
    bson (1.1.3)
    bson_ext (1.1.3)
    builder (2.1.2)
    couchrest (1.0.1)
      json (>= 1.4.6)
      mime-types (>= 1.15)
      rest-client (>= 1.5.1)
    couchrest_model (1.0.0.beta7)
      activemodel (>= 3.0.0.beta4)
      activesupport (>= 2.3.5)
      couchrest (>= 1.0.0.beta)
      mime-types (>= 1.15)
    git (1.2.5)
    i18n (0.5.0)
    jeweler (1.5.1)
      bundler (~> 1.0.0)
      git (>= 1.2.5)
      rake
    jnunemaker-validatable (1.8.4)
      activesupport (>= 2.3.4)
    json (1.4.6)
    mime-types (1.16)
    mongo (1.1.3)
      bson (>= 1.1.1)
    mongo_mapper (0.8.6)
      activesupport (>= 2.3.4)
      jnunemaker-validatable (~> 1.8.4)
      plucky (~> 0.3.6)
    mysql (2.8.1)
    plucky (0.3.6)
      mongo (~> 1.1)
    rake (0.8.7)
    rcov (0.9.9)
    rest-client (1.6.1)
      mime-types (>= 1.16)
    shoulda (2.11.3)
    tzinfo (0.3.23)

PLATFORMS
  ruby

DEPENDENCIES
  activerecord (>= 3.0)
  activesupport (>= 3.0)
  bson_ext (~> 1.1.3)
  bundler (~> 1.0.0)
  couchrest (~> 1.0.0)
  couchrest_model
  jeweler (~> 1.5.1)
  mongo_mapper (~> 0.8.6)
  mysql (~> 2.8.1)
  rcov (~> 0.9.9)
  shoulda (~> 2.11.3)
