GEM
  remote: http://rubygems.org/
  specs:
    activerecord (2.3.9)
      activesupport (= 2.3.9)
    activesupport (2.3.9)
    bson (1.1.3)
    bson_ext (1.1.3)
    git (1.2.5)
    jeweler (1.5.1)
      bundler (~> 1.0.0)
      git (>= 1.2.5)
      rake
    jnunemaker-validatable (1.8.4)
      activesupport (>= 2.3.4)
    mongo (1.1.3)
      bson (>= 1.1.1)
    mongo_mapper (0.8.6)
      activesupport (>= 2.3.4)
      jnunemaker-validatable (~> 1.8.4)
      plucky (~> 0.3.6)
    mysql (2.8.1)
    plucky (0.3.6)
      mongo (~> 1.1)
    rake (0.8.7)
    rcov (0.9.9)
    shoulda (2.11.3)

PLATFORMS
  ruby

DEPENDENCIES
  activerecord (>= 2.3.9)
  activesupport (>= 2.3)
  bson_ext (~> 1.1.3)
  bundler (~> 1.0.0)
  jeweler (~> 1.5.1)
  mongo_mapper (~> 0.8.6)
  mysql (~> 2.8.1)
  rcov (~> 0.9.9)
  shoulda (~> 2.11.3)
