GEM
  remote: http://rubygems.org/
  specs:
    activerecord (2.3.9)
      activesupport (= 2.3.9)
    activesupport (2.3.9)
    bson (1.1.3)
    bson_ext (1.1.3)
    builder (3.0.0)
    couchrest (1.0.1)
      json (>= 1.4.6)
      mime-types (>= 1.15)
      rest-client (>= 1.5.1)
    couchrest_extended_document (1.0.0)
      activesupport (>= 2.3.0)
      builder (>= 2.1.2)
      couchrest (>= 1.0.0)
      mime-types (>= 1.15)
    git (1.2.5)
    jeweler (1.5.1)
      bundler (~> 1.0.0)
      git (>= 1.2.5)
      rake
    jnunemaker-validatable (1.8.4)
      activesupport (>= 2.3.4)
    json (1.4.6)
    mime-types (1.16)
    mongo (1.1.3)
      bson (>= 1.1.1)
    mongo_mapper (0.8.6)
      activesupport (>= 2.3.4)
      jnunemaker-validatable (~> 1.8.4)
      plucky (~> 0.3.6)
    mysql (2.8.1)
    plucky (0.3.6)
      mongo (~> 1.1)
    rake (0.8.7)
    rcov (0.9.9)
    rest-client (1.6.1)
      mime-types (>= 1.16)
    shoulda (2.11.3)

PLATFORMS
  ruby

DEPENDENCIES
  activerecord (>= 2.3)
  activesupport (>= 2.3)
  bson_ext (~> 1.1.3)
  bundler (~> 1.0.0)
  couchrest (~> 1.0.0)
  couchrest_extended_document (~> 1.0.0)
  jeweler (~> 1.5.1)
  mongo_mapper (~> 0.8.6)
  mysql (~> 2.8.1)
  rcov (~> 0.9.9)
  shoulda (~> 2.11.3)
